PATH
  remote: .
  specs:
    zanoxrb (0.5.7)
      httparty (~> 0.13)
      ruby-try (~> 1.1)

GEM
  remote: https://rubygems.org/
  specs:
    diff-lcs (1.2.5)
    httparty (0.13.7)
      json (~> 1.8)
      multi_xml (>= 0.5.2)
    json (1.8.3)
    multi_xml (0.5.5)
    rake (10.4.2)
    rspec (3.3.0)
      rspec-core (~> 3.3.0)
      rspec-expectations (~> 3.3.0)
      rspec-mocks (~> 3.3.0)
    rspec-collection_matchers (1.1.2)
      rspec-expectations (>= 2.99.0.beta1)
    rspec-core (3.3.1)
      rspec-support (~> 3.3.0)
    rspec-expectations (3.3.0)
      diff-lcs (>= 1.2.0, < 2.0)
      rspec-support (~> 3.3.0)
    rspec-mocks (3.3.1)
      diff-lcs (>= 1.2.0, < 2.0)
      rspec-support (~> 3.3.0)
    rspec-support (3.3.0)
    ruby-try (1.1.1)

PLATFORMS
  ruby

DEPENDENCIES
  bundler (~> 1.10, >= 1.10.5)
  rake (~> 10.4)
  rspec (~> 3.3)
  rspec-collection_matchers (~> 1.1)
  zanoxrb!

BUNDLED WITH
   1.11.2
